GEM
  remote: https://rubygems.org/
  specs:
    backports (2.6.4)
    couchbase (1.1.5)
      yajl-ruby (~> 1.1.0)
    daemons (1.1.9)
    eventmachine (1.0.0)
    httpclient (2.3.0.1)
    instrumental_agent (0.12.0)
    json (1.7.5)
    logger (1.2.8)
    newrelic_rpm (3.5.0.1)
    nokogiri (1.5.5)
    rack (1.4.1)
    rack-protection (1.2.0)
      rack
    rack-test (0.6.2)
      rack (>= 1.0)
    sinatra (1.3.3)
      rack (~> 1.3, >= 1.3.6)
      rack-protection (~> 1.2)
      tilt (~> 1.3, >= 1.3.3)
    sinatra-contrib (1.3.2)
      backports (>= 2.0)
      eventmachine
      rack-protection
      rack-test
      sinatra (~> 1.3.0)
      tilt (~> 1.3)
    thin (1.5.0)
      daemons (>= 1.0.9)
      eventmachine (>= 0.12.6)
      rack (>= 1.0.0)
    tilt (1.3.3)
    yajl-ruby (1.1.0)

PLATFORMS
  ruby

DEPENDENCIES
  couchbase
  httpclient
  instrumental_agent
  json
  logger
  newrelic_rpm
  nokogiri
  sinatra
  sinatra-contrib
  thin
